GEM
  remote: https://rubygems.org/
  specs:
    ethon (0.12.0)
      ffi (>= 1.3.0)
    ffi (1.11.1)
    pg (1.1.4)
    rake (12.3.3)
    sequel (5.23.0)
    sequel_pg (1.12.2)
      pg (>= 0.18.0)
      sequel (>= 4.38.0)
    typhoeus (1.3.1)
      ethon (>= 0.9.0)

PLATFORMS
  ruby

DEPENDENCIES
  pg
  rake
  sequel
  sequel_pg
  typhoeus

BUNDLED WITH
   1.17.2
